PATH
  remote: ../punk
  specs:
    punk (0.0.0)
      aasm (~> 5.1.1)
      activesupport (~> 6.1.0)
      bootsnap (~> 1.5.1)
      commander (~> 4.5.2)
      dalli (~> 2.7.11)
      dim (~> 1.2.8)
      dot_hash (~> 1.1.8)
      dotenv (~> 2.7.6)
      http-accept (~> 2.1.1)
      jbuilder (~> 2.10.1)
      mailgun-ruby (~> 1.2.0)
      maxmind-db (~> 1.1.1)
      oj (~> 3.10.18)
      papertrail (~> 0.11.0)
      pg (~> 1.2.3)
      phony (~> 2.18.18)
      plivo (~> 4.15.1)
      pry (~> 0.13.1)
      puma (~> 5.1.1)
      rack-cors (~> 1.1.1)
      rack-protection (~> 2.1.0)
      rack-ssl-enforcer (~> 0.2.9)
      rack-unreloader (~> 1.7.0)
      rbnacl (~> 7.1.1)
      rdoc (~> 6.3.0)
      roda (~> 3.39.0)
      roda-route_list (~> 2.1.0)
      semantic_logger (~> 4.7.4)
      sentry-raven (~> 3.1.1)
      sequel (~> 5.40.0)
      sequel_pg (~> 1.14.0)
      sidekiq (~> 6.1.2)
      sidekiq-cron (~> 1.2.0)
      skylight (~> 4.3.2)
      slim (~> 4.1.0)
      swagger_yard (~> 1.0.4)
      tilt-jbuilder (~> 0.7.1)
      userstack (~> 0.1.0)
      wisper (~> 2.0.1)

GEM
  remote: https://rubygems.org/
  specs:
    aasm (5.1.1)
      concurrent-ruby (~> 1.0)
    activesupport (6.1.0)
      concurrent-ruby (~> 1.0, >= 1.0.2)
      i18n (>= 1.6, < 2)
      minitest (>= 5.1)
      tzinfo (~> 2.0)
      zeitwerk (~> 2.3)
    ansi (1.5.0)
    bootsnap (1.5.1)
      msgpack (~> 1.0)
    chronic (0.10.2)
    coderay (1.1.3)
    commander (4.5.2)
      highline (~> 2.0.0)
    concurrent-ruby (1.1.7)
    connection_pool (2.2.3)
    dalli (2.7.11)
    dim (1.2.8)
    domain_name (0.5.20190701)
      unf (>= 0.0.5, < 1.0.0)
    dot_hash (1.1.8)
    dotenv (2.7.6)
    et-orbi (1.2.4)
      tzinfo
    faraday (1.0.1)
      multipart-post (>= 1.2, < 3)
    faraday_middleware (1.0.0)
      faraday (~> 1.0)
    ffi (1.14.2)
    fugit (1.4.1)
      et-orbi (~> 1.1, >= 1.1.8)
      raabro (~> 1.4)
    highline (2.0.3)
    htmlentities (4.3.4)
    http-accept (2.1.1)
    http-cookie (1.0.3)
      domain_name (~> 0.5)
    i18n (1.8.7)
      concurrent-ruby (~> 1.0)
    jbuilder (2.10.1)
      activesupport (>= 5.0.0)
    jwt (2.2.2)
    mailgun-ruby (1.2.0)
      rest-client (~> 2.0.2)
    maxmind-db (1.1.1)
    method_source (1.0.0)
    mime-types (3.3.1)
      mime-types-data (~> 3.2015)
    mime-types-data (3.2020.1104)
    minitest (5.14.3)
    msgpack (1.3.3)
    multipart-post (2.1.1)
    netrc (0.11.0)
    nio4r (2.5.4)
    oj (3.10.18)
    papertrail (0.11.0)
      ansi (~> 1.5)
      chronic (~> 0.10)
    parslet (2.0.0)
    pg (1.2.3)
    phony (2.18.18)
    plivo (4.15.1)
      faraday (~> 1.0.1)
      faraday_middleware (~> 1.0.0)
      htmlentities
      jwt
    pry (0.13.1)
      coderay (~> 1.1)
      method_source (~> 1.0)
    puma (5.1.1)
      nio4r (~> 2.0)
    raabro (1.4.0)
    rack (2.2.3)
    rack-cors (1.1.1)
      rack (>= 2.0.0)
    rack-protection (2.1.0)
      rack
    rack-ssl-enforcer (0.2.9)
    rack-unreloader (1.7.0)
    rbnacl (7.1.1)
      ffi
    rdoc (6.3.0)
    redis (4.2.5)
    rest-client (2.0.2)
      http-cookie (>= 1.0.2, < 2.0)
      mime-types (>= 1.16, < 4.0)
      netrc (~> 0.8)
    roda (3.39.0)
      rack
    roda-route_list (2.1.0)
      roda
    semantic_logger (4.7.4)
      concurrent-ruby (~> 1.0)
    sentry-raven (3.1.1)
      faraday (>= 1.0)
    sequel (5.40.0)
    sequel_pg (1.14.0)
      pg (>= 0.18.0, != 1.2.0)
      sequel (>= 4.38.0)
    sidekiq (6.1.2)
      connection_pool (>= 2.2.2)
      rack (~> 2.0)
      redis (>= 4.2.0)
    sidekiq-cron (1.2.0)
      fugit (~> 1.1)
      sidekiq (>= 4.2.1)
    skylight (4.3.2)
      skylight-core (= 4.3.2)
    skylight-core (4.3.2)
      activesupport (>= 4.2.0)
    slim (4.1.0)
      temple (>= 0.7.6, < 0.9)
      tilt (>= 2.0.6, < 2.1)
    swagger_yard (1.0.4)
      parslet
      yard
    temple (0.8.2)
    tilt (2.0.10)
    tilt-jbuilder (0.7.1)
      jbuilder
      tilt (>= 1.3.0, < 3)
    tzinfo (2.0.4)
      concurrent-ruby (~> 1.0)
    unf (0.1.4)
      unf_ext
    unf_ext (0.0.7.7)
    userstack (0.1.0)
    wisper (2.0.1)
    yard (0.9.26)
    zeitwerk (2.4.2)

PLATFORMS
  ruby

DEPENDENCIES
  punk!

RUBY VERSION
   ruby 2.6.6p146

BUNDLED WITH
   1.17.3
