GEM
  remote: https://rubygems.org/
  specs:
    aasm (5.1.1)
      concurrent-ruby (~> 1.0)
    activesupport (6.1.1)
      concurrent-ruby (~> 1.0, >= 1.0.2)
      i18n (>= 1.6, < 2)
      minitest (>= 5.1)
      tzinfo (~> 2.0)
      zeitwerk (~> 2.3)
    addressable (2.7.0)
      public_suffix (>= 2.0.2, < 5.0)
    amazing_print (1.2.2)
    ansi (1.5.0)
    ast (2.4.2)
    bootsnap (1.6.0)
      msgpack (~> 1.0)
    byebug (11.1.3)
    capybara (3.35.3)
      addressable
      mini_mime (>= 0.1.3)
      nokogiri (~> 1.8)
      rack (>= 1.6.0)
      rack-test (>= 0.6.3)
      regexp_parser (>= 1.5, < 3.0)
      xpath (~> 3.2)
    childprocess (3.0.0)
    chronic (0.10.2)
    coderay (1.1.3)
    commander (4.5.2)
      highline (~> 2.0.0)
    concurrent-ruby (1.1.8)
    connection_pool (2.2.3)
    coveralls (0.8.23)
      json (>= 1.8, < 3)
      simplecov (~> 0.16.1)
      term-ansicolor (~> 1.3)
      thor (>= 0.19.4, < 2.0)
      tins (~> 1.6)
    crack (0.4.5)
      rexml
    dalli (2.7.11)
    diff-lcs (1.4.4)
    dim (1.2.8)
    docile (1.3.5)
    domain_name (0.5.20190701)
      unf (>= 0.0.5, < 1.0.0)
    dot_hash (1.1.8)
    dotenv (2.7.6)
    et-orbi (1.2.4)
      tzinfo
    factory_bot (6.1.0)
      activesupport (>= 5.0.0)
    faker (2.15.1)
      i18n (>= 1.6, < 2)
    faraday (1.0.1)
      multipart-post (>= 1.2, < 3)
    faraday_middleware (1.0.0)
      faraday (~> 1.0)
    ffi (1.14.2)
    fugit (1.4.2)
      et-orbi (~> 1.1, >= 1.1.8)
      raabro (~> 1.4)
    gemfile_updater (0.1.0)
    hashdiff (1.0.1)
    highline (2.0.3)
    htmlentities (4.3.4)
    http-accept (2.1.1)
    http-cookie (1.0.3)
      domain_name (~> 0.5)
    i18n (1.8.7)
      concurrent-ruby (~> 1.0)
    ipstack (0.1.3)
      nokogiri (>= 1.8, < 2.0)
    jbuilder (2.11.2)
      activesupport (>= 5.0.0)
    json (2.5.1)
    jwt (2.2.2)
    launchy (2.5.0)
      addressable (~> 2.7)
    mailgun-ruby (1.2.0)
      rest-client (~> 2.0.2)
    method_source (1.0.0)
    mime-types (3.3.1)
      mime-types-data (~> 3.2015)
    mime-types-data (3.2020.1104)
    mini_mime (1.0.2)
    mini_portile2 (2.5.0)
    minitest (5.14.3)
    msgpack (1.4.2)
    multipart-post (2.1.1)
    netrc (0.11.0)
    nio4r (2.5.4)
    nokogiri (1.11.1)
      mini_portile2 (~> 2.5.0)
      racc (~> 1.4)
    oj (3.11.2)
    papertrail (0.11.0)
      ansi (~> 1.5)
      chronic (~> 0.10)
    parallel (1.20.1)
    parser (3.0.0.0)
      ast (~> 2.4.1)
    parslet (2.0.0)
    pg (1.2.3)
    phony (2.18.18)
    plivo (4.15.2)
      faraday (~> 1.0.1)
      faraday_middleware (~> 1.0.0)
      htmlentities
      jwt
    pry (0.13.1)
      coderay (~> 1.1)
      method_source (~> 1.0)
    pry-byebug (3.9.0)
      byebug (~> 11.0)
      pry (~> 0.13.0)
    public_suffix (4.0.6)
    puma (5.2.0)
      nio4r (~> 2.0)
    punk (0.3.2)
      aasm (~> 5.1)
      activesupport (~> 6.1)
      bootsnap (~> 1.5)
      commander (~> 4.5)
      dalli (~> 2.7)
      dim (~> 1.2)
      dot_hash (~> 1.1)
      dotenv (~> 2.7)
      http-accept (~> 2.1)
      ipstack (~> 0.1)
      jbuilder (~> 2.11)
      mailgun-ruby (~> 1.2)
      oj (~> 3.11)
      papertrail (~> 0.11)
      pg (~> 1.2)
      phony (~> 2.18)
      plivo (~> 4.15)
      pry (~> 0.13)
      puma (~> 5.1)
      rack-cors (~> 1.1)
      rack-protection (~> 2.1)
      rack-ssl-enforcer (~> 0.2)
      rack-unreloader (~> 1.7)
      rbnacl (~> 7.1)
      rdoc (~> 6.3)
      roda (~> 3.40)
      roda-route_list (~> 2.1)
      semantic_logger (~> 4.7)
      sentry-ruby (~> 4.1)
      sentry-sidekiq (~> 4.1)
      sequel (~> 5.40)
      sequel_pg (~> 1.14)
      sidekiq (~> 6.1)
      sidekiq-cron (~> 1.2)
      skylight (~> 4.3)
      slim (~> 4.1)
      swagger_yard (~> 1.0)
      tilt-jbuilder (~> 0.7)
      userstack (~> 0.1)
      wisper (~> 2.0)
    raabro (1.4.0)
    racc (1.5.2)
    rack (2.2.3)
    rack-cors (1.1.1)
      rack (>= 2.0.0)
    rack-protection (2.1.0)
      rack
    rack-ssl-enforcer (0.2.9)
    rack-test (1.1.0)
      rack (>= 1.0, < 3)
    rack-unreloader (1.7.0)
    rainbow (3.0.0)
    rbnacl (7.1.1)
      ffi
    rdoc (6.3.0)
    redis (4.2.5)
    regexp_parser (2.0.3)
    rest-client (2.0.2)
      http-cookie (>= 1.0.2, < 2.0)
      mime-types (>= 1.16, < 4.0)
      netrc (~> 0.8)
    rexml (3.2.4)
    roda (3.40.0)
      rack
    roda-route_list (2.1.0)
      roda
    rspec (3.10.0)
      rspec-core (~> 3.10.0)
      rspec-expectations (~> 3.10.0)
      rspec-mocks (~> 3.10.0)
    rspec-core (3.10.1)
      rspec-support (~> 3.10.0)
    rspec-expectations (3.10.1)
      diff-lcs (>= 1.2.0, < 2.0)
      rspec-support (~> 3.10.0)
    rspec-its (1.3.0)
      rspec-core (>= 3.0.0)
      rspec-expectations (>= 3.0.0)
    rspec-mocks (3.10.2)
      diff-lcs (>= 1.2.0, < 2.0)
      rspec-support (~> 3.10.0)
    rspec-support (3.10.2)
    rubocop (1.9.1)
      parallel (~> 1.10)
      parser (>= 3.0.0.0)
      rainbow (>= 2.2.2, < 4.0)
      regexp_parser (>= 1.8, < 3.0)
      rexml
      rubocop-ast (>= 1.2.0, < 2.0)
      ruby-progressbar (~> 1.7)
      unicode-display_width (>= 1.4.0, < 3.0)
    rubocop-ast (1.4.1)
      parser (>= 2.7.1.5)
    rubocop-rails (2.9.1)
      activesupport (>= 4.2.0)
      rack (>= 1.1)
      rubocop (>= 0.90.0, < 2.0)
    rubocop-rspec (2.1.0)
      rubocop (~> 1.0)
      rubocop-ast (>= 1.1.0)
    rubocop-sequel (0.2.0)
      rubocop (~> 1.0)
    ruby-progressbar (1.11.0)
    rubyzip (2.3.0)
    selenium-webdriver (3.142.7)
      childprocess (>= 0.5, < 4.0)
      rubyzip (>= 1.2.2)
    semantic_logger (4.7.4)
      concurrent-ruby (~> 1.0)
    sentry-ruby (4.1.5)
      concurrent-ruby (~> 1.0, >= 1.0.2)
      faraday (>= 1.0)
      sentry-ruby-core (= 4.1.5)
    sentry-ruby-core (4.1.5)
      concurrent-ruby
      faraday
    sentry-sidekiq (4.1.3)
      sentry-ruby-core (~> 4.1.2)
    sequel (5.40.0)
    sequel_pg (1.14.0)
      pg (>= 0.18.0, != 1.2.0)
      sequel (>= 4.38.0)
    sidekiq (6.1.3)
      connection_pool (>= 2.2.2)
      rack (~> 2.0)
      redis (>= 4.2.0)
    sidekiq-cron (1.2.0)
      fugit (~> 1.1)
      sidekiq (>= 4.2.1)
    simplecov (0.16.1)
      docile (~> 1.1)
      json (>= 1.8, < 3)
      simplecov-html (~> 0.10.0)
    simplecov-html (0.10.2)
    skylight (4.3.2)
      skylight-core (= 4.3.2)
    skylight-core (4.3.2)
      activesupport (>= 4.2.0)
    slim (4.1.0)
      temple (>= 0.7.6, < 0.9)
      tilt (>= 2.0.6, < 2.1)
    swagger_yard (1.0.4)
      parslet
      yard
    sync (0.5.0)
    temple (0.8.2)
    term-ansicolor (1.7.1)
      tins (~> 1.0)
    thor (1.1.0)
    tilt (2.0.10)
    tilt-jbuilder (0.7.1)
      jbuilder
      tilt (>= 1.3.0, < 3)
    timecop (0.9.2)
    tins (1.28.0)
      sync
    tzinfo (2.0.4)
      concurrent-ruby (~> 1.0)
    unf (0.1.4)
      unf_ext
    unf_ext (0.0.7.7)
    unicode-display_width (2.0.0)
    userstack (0.1.0)
    vcr (6.0.0)
    webmock (3.11.2)
      addressable (>= 2.3.6)
      crack (>= 0.3.2)
      hashdiff (>= 0.4.0, < 2.0.0)
    wisper (2.0.1)
    xpath (3.2.0)
      nokogiri (~> 1.8)
    yard (0.9.26)
    zeitwerk (2.4.2)

PLATFORMS
  ruby

DEPENDENCIES
  amazing_print (~> 1.2.2)
  byebug (~> 11.1.3)
  capybara (~> 3.35.3)
  coveralls (~> 0.8.23)
  factory_bot (~> 6.1.0)
  faker (~> 2.15.1)
  gemfile_updater (~> 0.1.0)
  launchy (~> 2.5.0)
  pry-byebug (~> 3.9.0)
  punk (~> 0.3.2)
  rack-test (~> 1.1.0)
  rspec (~> 3.10.0)
  rspec-its (~> 1.3.0)
  rubocop (~> 1.9.1)
  rubocop-rails (~> 2.9.1)
  rubocop-rspec (~> 2.1.0)
  rubocop-sequel (~> 0.2.0)
  selenium-webdriver (~> 3.142.7)
  timecop (~> 0.9.2)
  vcr (~> 6.0.0)
  webmock (~> 3.11.2)

RUBY VERSION
   ruby 2.6.6p146

BUNDLED WITH
   1.17.3
